PATH
  remote: .
  specs:
    scene-toolkit (0.2.4)
      activesupport (~> 3.0.0)
      colored
      i18n
      nestful
      optitron

GEM
  remote: http://rubygems.org/
  specs:
    activesupport (3.0.9)
    callsite (0.0.5)
      bundler (~> 1.0.0)
    colored (1.2)
    i18n (0.6.0)
    nestful (0.0.6)
      activesupport (>= 3.0.0.beta)
    optitron (0.3.2)
      callsite (~> 0.0.4)
      parameters_extra (~> 0.2.0)
    parameters_extra (0.2.0)
      ruby2ruby (~> 1.2.4)
      ruby_parser (~> 2.0)
      sexp_processor (~> 3.0.4)
    ruby2ruby (1.2.5)
      ruby_parser (~> 2.0)
      sexp_processor (~> 3.0)
    ruby_parser (2.0.6)
      sexp_processor (~> 3.0)
    sexp_processor (3.0.5)

PLATFORMS
  ruby

DEPENDENCIES
  scene-toolkit!
