PATH
  remote: .
  specs:
    scene-toolkit (0.3.1)
      activesupport (>= 3.0.0)
      colored
      i18n
      nestful
      nokogiri
      optitron

GEM
  remote: http://rubygems.org/
  specs:
    activesupport (5.1.2)
      concurrent-ruby (~> 1.0, >= 1.0.2)
      i18n (~> 0.7)
      minitest (~> 5.1)
      tzinfo (~> 1.1)
    callsite (0.0.11)
    colored (1.2)
    concurrent-ruby (1.0.5)
    i18n (0.8.6)
    mini_portile2 (2.2.0)
    minitest (5.10.3)
    nestful (1.1.1)
    nokogiri (1.8.0)
      mini_portile2 (~> 2.2.0)
    optitron (0.3.3)
      callsite (~> 0.0.4)
      parameters_extra (~> 0.2.0)
    parameters_extra (0.2.0)
      ruby2ruby (~> 1.2.4)
      ruby_parser (~> 2.0)
      sexp_processor (~> 3.0.4)
    ruby2ruby (1.2.5)
      ruby_parser (~> 2.0)
      sexp_processor (~> 3.0)
    ruby_parser (2.3.1)
      sexp_processor (~> 3.0)
    sexp_processor (3.0.10)
    thread_safe (0.3.6)
    tzinfo (1.2.3)
      thread_safe (~> 0.1)

PLATFORMS
  ruby

DEPENDENCIES
  scene-toolkit!

BUNDLED WITH
   1.15.1
