GEM
  remote: http://rubygems.org/
  specs:
    activesupport (3.0.3)
    callsite (0.0.4)
    i18n (0.5.0)
    optitron (0.2.2)
      callsite (~> 0.0.4)
      ruby2ruby (~> 1.2.4)
      ruby_parser (~> 2.0)
      sexp_processor (~> 3.0.4)
    rainbow (1.1)
    ruby2ruby (1.2.5)
      ruby_parser (~> 2.0)
      sexp_processor (~> 3.0)
    ruby_parser (2.0.5)
      sexp_processor (~> 3.0)
    sexp_processor (3.0.5)

PLATFORMS
  ruby

DEPENDENCIES
  activesupport (~> 3.0.0)
  i18n (~> 0.5.0)
  optitron (~> 0.2.2)
  rainbow (~> 1.1)
