PATH
  remote: .
  specs:
    scene-toolkit (0.2.6)
      active_support (>= 3.0.0)
      colored
      i18n
      nestful
      nokogiri
      optitron

GEM
  remote: http://rubygems.org/
  specs:
    active_support (3.0.0)
      activesupport (= 3.0.0)
    activesupport (3.0.0)
    callsite (0.0.11)
    colored (1.2)
    i18n (0.6.0)
    nestful (0.0.8)
      activesupport (>= 3.0.0.beta)
    nokogiri (1.5.0)
    optitron (0.3.3)
      callsite (~> 0.0.4)
      parameters_extra (~> 0.2.0)
    parameters_extra (0.2.0)
      ruby2ruby (~> 1.2.4)
      ruby_parser (~> 2.0)
      sexp_processor (~> 3.0.4)
    ruby2ruby (1.2.5)
      ruby_parser (~> 2.0)
      sexp_processor (~> 3.0)
    ruby_parser (2.3.1)
      sexp_processor (~> 3.0)
    sexp_processor (3.0.10)

PLATFORMS
  ruby

DEPENDENCIES
  scene-toolkit!
